GEM
  remote: http://rubygems.org/
  specs:
    POpen4 (0.1.4)
      Platform (>= 0.4.0)
      open4
    Platform (0.4.0)
    activesupport (3.1.1)
      multi_json (~> 1.0)
    addressable (2.2.6)
    builder (3.0.0)
    coderay (1.0.0)
    coffee-script (2.1.3)
      coffee-script-source
    coffee-script-source (1.1.2)
    compass (0.10.6)
      haml (>= 3.0.4)
    compass-slickmap (0.4.0)
      compass (>= 0.10)
      haml (>= 3.0)
    daemons (1.1.4)
    diff-lcs (1.1.3)
    eventmachine (0.12.10)
    execjs (1.2.9)
      multi_json (~> 1.0)
    extlib (0.9.15)
    haml (3.1.3)
    heroku (2.8.6)
      launchy (>= 0.3.2)
      rest-client (~> 1.6.1)
      rubyzip
      term-ansicolor (~> 1.0.5)
    highline (1.6.2)
    http_router (0.5.4)
      rack (>= 1.0.0)
      url_mount (~> 0.2.1)
    httpclient (2.2.1)
    i18n (0.6.0)
    json (1.6.1)
    json_pure (1.4.6)
    launchy (2.0.5)
      addressable (~> 2.2.6)
    less (1.2.21)
      mutter (>= 0.4.2)
      treetop (>= 1.4.2)
    middleman (1.0.3)
      coffee-script (~> 2.1.0)
      compass (~> 0.10.0)
      compass-slickmap (~> 0.4.0)
      haml (~> 3.0)
      json_pure (~> 1.4.0)
      less (~> 1.2.0)
      padrino-core (~> 0.9.0)
      padrino-helpers (~> 0.9.0)
      rack (~> 1.0)
      rack-test (~> 0.5.0)
      shotgun (~> 0.8.0)
      sinatra (~> 1.0)
      smusher (~> 0.4.5)
      templater (~> 1.0.0)
      thin (~> 1.2.0)
      tilt (~> 1.1)
      yui-compressor (~> 0.9.0)
    mime-types (1.16)
    multi_json (1.0.3)
    mutter (0.5.3)
    nokogiri (1.5.0)
    open4 (1.2.0)
    padrino-core (0.9.21)
      activesupport (>= 3.0.0)
      http_router (~> 0.5.4)
      sinatra (>= 1.1.0)
      thor (>= 0.14.3)
      tzinfo
    padrino-helpers (0.9.21)
      i18n (>= 0.4.1)
      padrino-core (= 0.9.21)
    polyglot (0.3.2)
    rack (1.3.4)
    rack-codehighlighter (0.5.0)
      nokogiri (>= 1.4.1)
      rack (>= 1.0.0)
    rack-contrib (1.1.0)
      rack (>= 0.9.1)
    rack-protection (1.1.4)
      rack
    rack-test (0.5.7)
      rack (>= 1.0)
    rake (0.9.2)
    redcarpet (1.17.2)
    rest-client (1.6.7)
      mime-types (>= 1.16)
    rubyzip (0.9.4)
    shotgun (0.8)
      rack (>= 1.0)
    sinatra (1.3.1)
      rack (~> 1.3, >= 1.3.4)
      rack-protection (~> 1.1, >= 1.1.2)
      tilt (~> 1.3, >= 1.3.3)
    smusher (0.4.8)
      httpclient (>= 2.2)
      json
      rake
    templater (1.0.0)
      diff-lcs (>= 1.1.2)
      extlib (>= 0.9.5)
      highline (>= 1.4.0)
    term-ansicolor (1.0.6)
    therubyracer-heroku (0.8.1.pre3)
    thin (1.2.11)
      daemons (>= 1.0.9)
      eventmachine (>= 0.12.6)
      rack (>= 1.0.0)
    thor (0.14.6)
    tilt (1.3.3)
    treetop (1.4.10)
      polyglot
      polyglot (>= 0.3.1)
    tzinfo (0.3.30)
    url_mount (0.2.1)
      rack
    yui-compressor (0.9.6)
      POpen4 (>= 0.1.4)

PLATFORMS
  ruby

DEPENDENCIES
  builder
  coderay
  execjs
  heroku
  middleman
  rack-codehighlighter
  rack-contrib
  redcarpet
  sinatra
  therubyracer-heroku (= 0.8.1.pre3)
  thin
